GEM
  remote: https://rubygems.org/
  specs:
    activesupport (4.2.3)
      i18n (~> 0.7)
      json (~> 1.7, >= 1.7.7)
      minitest (~> 5.1)
      thread_safe (~> 0.3, >= 0.3.4)
      tzinfo (~> 1.1)
    coderay (1.1.0)
    coffee-script (2.4.1)
      coffee-script-source
      execjs
    coffee-script-source (1.9.1.1)
    colorize (0.7.7)
    execjs (2.5.2)
    ffi (1.9.10)
    formatador (0.2.5)
    guard (2.12.8)
      formatador (>= 0.2.4)
      listen (>= 2.7, <= 4.0)
      lumberjack (~> 1.0)
      nenv (~> 0.1)
      notiffany (~> 0.0)
      pry (>= 0.9.12)
      shellany (~> 0.0)
      thor (>= 0.18.1)
    guard-coffeescript (2.0.1)
      coffee-script (>= 2.2.0)
      guard (>= 2.1.0)
      guard-compat (~> 1.1)
    guard-compat (1.2.1)
    guard-shell (0.7.1)
      guard (>= 2.0.0)
      guard-compat (~> 1.0)
    i18n (0.7.0)
    json (1.8.3)
    libv8 (3.16.14.11)
    listen (3.0.2)
      rb-fsevent (>= 0.9.3)
      rb-inotify (>= 0.9)
    little-plugger (1.1.3)
    logging (2.0.0)
      little-plugger (~> 1.1)
      multi_json (~> 1.10)
    lumberjack (1.0.9)
    method_source (0.8.2)
    minitest (5.7.0)
    multi_json (1.11.2)
    nenv (0.2.0)
    notiffany (0.0.6)
      nenv (~> 0.1)
      shellany (~> 0.0)
    pry (0.10.1)
      coderay (~> 1.1.0)
      method_source (~> 0.8.1)
      slop (~> 3.4)
    rb-fsevent (0.9.5)
    rb-inotify (0.9.5)
      ffi (>= 0.5.0)
    ref (2.0.0)
    shellany (0.0.1)
    slop (3.6.0)
    therubyracer (0.12.2)
      libv8 (~> 3.16.14.0)
      ref
    thor (0.19.1)
    thread_safe (0.3.5)
    tzinfo (1.2.2)
      thread_safe (~> 0.1)

PLATFORMS
  ruby

DEPENDENCIES
  activesupport
  coffee-script
  colorize
  guard
  guard-coffeescript
  guard-shell
  logging
  therubyracer
