GEM
  remote: https://rubygems.org/
  specs:
    activesupport (4.2.3)
      i18n (~> 0.7)
      json (~> 1.7, >= 1.7.7)
      minitest (~> 5.1)
      thread_safe (~> 0.3, >= 0.3.4)
      tzinfo (~> 1.1)
    beefcake (1.1.0)
    bson (1.12.3)
    bson_ext (1.12.3)
      bson (~> 1.12.3)
    capn_proto (0.0.1.alpha.8)
    i18n (0.7.0)
    json (1.8.3)
    middleware (0.1.0)
    minitest (5.7.0)
    msgpack (0.6.1)
    oj (2.12.9)
    protobuf (3.5.1)
      activesupport (>= 3.2)
      middleware
      thor
      thread_safe
    thor (0.19.1)
    thread_safe (0.3.5)
    tzinfo (1.2.2)
      thread_safe (~> 0.1)
    yajl-ruby (1.2.1)

PLATFORMS
  ruby

DEPENDENCIES
  beefcake
  bson
  bson_ext
  capn_proto
  msgpack
  oj
  protobuf
  yajl-ruby
